GIT
  remote: https://github.com/JoshCheek/quaternion.git
  revision: dca92f630251b38e5bf2017863c87dc871cd8645
  specs:
    quaternion (0.1.1)

GEM
  remote: https://rubygems.org/
  specs:
    coderay (1.1.0)
    diff-lcs (1.2.5)
    method_source (0.8.2)
    minitest (5.7.0)
    mrspec (0.2.1)
      minitest (~> 5.0)
      rspec-core (~> 3.0)
      what_weve_got_here_is_an_error_to_communicate (~> 0.0.4)
    pry (0.10.1)
      coderay (~> 1.1.0)
      method_source (~> 0.8.1)
      slop (~> 3.4)
    rouge (1.9.1)
    rspec (3.3.0)
      rspec-core (~> 3.3.0)
      rspec-expectations (~> 3.3.0)
      rspec-mocks (~> 3.3.0)
    rspec-core (3.3.2)
      rspec-support (~> 3.3.0)
    rspec-expectations (3.3.1)
      diff-lcs (>= 1.2.0, < 2.0)
      rspec-support (~> 3.3.0)
    rspec-mocks (3.3.2)
      diff-lcs (>= 1.2.0, < 2.0)
      rspec-support (~> 3.3.0)
    rspec-support (3.3.0)
    slop (3.6.0)
    what_weve_got_here_is_an_error_to_communicate (0.0.4)
      rouge (~> 1.8)

PLATFORMS
  ruby

DEPENDENCIES
  mrspec
  pry
  quaternion!
  rspec

BUNDLED WITH
   1.10.5
